GIT
  remote: https://github.com/neerolyte/guard-phpunit.git
  revision: c416f0b96d1b1f336a7e4da0aab5339e3601220d
  submodules: true
  specs:
    guard-phpunit (0.1.4)
      guard (~> 1.1)

GEM
  remote: https://rubygems.org/
  specs:
    coderay (1.0.9)
    coffee-script (2.2.0)
      coffee-script-source
      execjs
    coffee-script-source (1.6.2)
    cssmin (1.0.3)
    em-websocket (0.5.0)
      eventmachine (>= 0.12.9)
      http_parser.rb (~> 0.5.3)
    eventmachine (1.0.3)
    execjs (1.4.0)
      multi_json (~> 1.0)
    ffi (1.8.1)
    formatador (0.2.4)
    guard (1.8.0)
      formatador (>= 0.2.4)
      listen (>= 1.0.0)
      lumberjack (>= 1.0.2)
      pry (>= 0.9.10)
      thor (>= 0.14.6)
    guard-coffeescript (1.3.0)
      coffee-script (>= 2.2.0)
      guard (>= 1.1.0)
    guard-concat (0.0.3)
      guard (>= 1.1.0)
    guard-livereload (1.4.0)
      em-websocket (>= 0.5.0)
      guard (>= 1.8.0)
      multi_json (~> 1.7)
    guard-sass (1.1.0)
      guard (>= 1.1.0)
      sass (>= 3.1)
    http_parser.rb (0.5.3)
    jsmin (1.0.1)
    json (1.7.7)
    listen (1.1.3)
      rb-fsevent (>= 0.9.3)
      rb-inotify (>= 0.9)
      rb-kqueue (>= 0.2)
    lumberjack (1.0.3)
    method_source (0.8.1)
    multi_json (1.7.3)
    pry (0.9.12.2)
      coderay (~> 1.0.5)
      method_source (~> 0.8)
      slop (~> 3.4)
    rb-fsevent (0.9.3)
    rb-inotify (0.9.0)
      ffi (>= 0.5.0)
    rb-kqueue (0.2.0)
      ffi (>= 0.5.0)
    sass (3.2.9)
    slop (3.4.5)
    thor (0.18.1)
    zurb-foundation (4.1.6)
      sass (>= 3.2.0)

PLATFORMS
  ruby

DEPENDENCIES
  cssmin
  guard
  guard-coffeescript
  guard-concat
  guard-livereload
  guard-phpunit!
  guard-sass
  jsmin
  json (~> 1.7.7)
  zurb-foundation
